GEM
  remote: https://rubygems.org/
  specs:
    multi_json (1.15.0)
    streamio-ffmpeg (3.0.2)
      multi_json (~> 1.8)

PLATFORMS
  x86_64-darwin-21

DEPENDENCIES
  streamio-ffmpeg

BUNDLED WITH
   2.3.7
